PATH
  remote: .
  specs:
    songle-song-uri-parser (1.1.6)

GEM
  remote: https://rubygems.org/
  specs:
    diff-lcs (1.3)
    rake (12.3.2)
    rspec (3.8.0)
      rspec-core (~> 3.8.0)
      rspec-expectations (~> 3.8.0)
      rspec-mocks (~> 3.8.0)
    rspec-core (3.8.2)
      rspec-support (~> 3.8.0)
    rspec-expectations (3.8.4)
      diff-lcs (>= 1.2.0, < 2.0)
      rspec-support (~> 3.8.0)
    rspec-mocks (3.8.1)
      diff-lcs (>= 1.2.0, < 2.0)
      rspec-support (~> 3.8.0)
    rspec-support (3.8.2)

PLATFORMS
  ruby

DEPENDENCIES
  bundler
  rake
  rspec (~> 3.0)
  songle-song-uri-parser!

BUNDLED WITH
   1.17.2
